RESTRICTION: == net461
NUGET
  remote: https://api.nuget.org/v3/index.json
    FAKE (5.0.0-rc004)
    NuGet.CommandLine (4.6.2)
    Octokit (0.29)
GITHUB
  remote: fsharp/FAKE
    modules/Octokit/Octokit.fsx (b011a602d0b690fb80a30e5b97df53523d6c4b23)
      Octokit (>= 0.20)
  remote: fsprojects/FSharp.TypeProviders.SDK
    src/ProvidedTypes.fs (f0c4a6300db313eb2616c4f792cd6ae68c255e56)
HTTP
  remote: https://github.com
    docfx.zip (/dotnet/docfx/releases/download/v2.34/docfx.zip)